GEM
  remote: http://rubygems.org/
  specs:
    ffi (1.15.0)
    mustermann (1.1.1)
      ruby2_keywords (~> 0.0.1)
    rack (2.2.2)
    rack-protection (2.0.8.1)
      rack
    ruby2_keywords (0.0.2)
    sinatra (2.0.8.1)
      mustermann (~> 1.0)
      rack (~> 2.0)
      rack-protection (= 2.0.8.1)
      tilt (~> 2.0)
    sys-filesystem (1.4.1)
      ffi (~> 1.1)
    tilt (2.0.10)

PLATFORMS
  ruby

DEPENDENCIES
  sinatra (~> 2.0)
  sys-filesystem (~> 1.3)

BUNDLED WITH
   2.1.4
